PATH
  remote: .
  specs:
    gemoji (1.5.0)

GEM
  remote: https://rubygems.org/
  specs:
    minitest (5.3.5)
    rake (10.3.2)

PLATFORMS
  ruby

DEPENDENCIES
  gemoji!
  minitest
  rake
